GEM
  remote: https://rubygems.org/
  specs:
    ast (2.3.0)
    backports (3.11.1)
    daemons (1.2.5)
    dotenv (2.1.1)
    eventmachine (1.2.5)
    faye-websocket (0.10.7)
      eventmachine (>= 0.12.0)
      websocket-driver (>= 0.5.1)
    jwt (2.1.0)
    multi_json (1.13.1)
    mustermann (1.0.2)
    nexmo (4.5.0)
      jwt
    parallel (1.12.0)
    parser (2.4.0.0)
      ast (~> 2.2)
    powerpack (0.1.1)
    rack (2.0.4)
    rack-protection (2.0.1)
      rack
    rainbow (2.2.2)
      rake
    rake (12.2.1)
    rubocop (0.51.0)
      parallel (~> 1.10)
      parser (>= 2.3.3.1, < 3.0)
      powerpack (~> 0.1)
      rainbow (>= 2.2.2, < 3.0)
      ruby-progressbar (~> 1.7)
      unicode-display_width (~> 1.0, >= 1.0.1)
    ruby-progressbar (1.9.0)
    sinatra (2.0.1)
      mustermann (~> 1.0)
      rack (~> 2.0)
      rack-protection (= 2.0.1)
      tilt (~> 2.0)
    sinatra-contrib (2.0.1)
      backports (>= 2.0)
      multi_json
      mustermann (~> 1.0)
      rack-protection (= 2.0.1)
      sinatra (= 2.0.1)
      tilt (>= 1.3, < 3)
    thin (1.7.0)
      daemons (~> 1.0, >= 1.0.9)
      eventmachine (~> 1.0, >= 1.0.4)
      rack (>= 1, < 3)
    tilt (2.0.8)
    unicode-display_width (1.3.0)
    websocket-driver (0.7.0)
      websocket-extensions (>= 0.1.0)
    websocket-extensions (0.1.2)

PLATFORMS
  ruby

DEPENDENCIES
  dotenv (= 2.1.1)
  faye-websocket (= 0.10.7)
  nexmo (= 4.5.0)
  rubocop
  sinatra (= 2.0.1)
  sinatra-contrib (= 2.0.1)
  thin (= 1.7.0)

BUNDLED WITH
   1.16.0
